NUGET
  remote: https://nuget.org/api/v2
  specs:
    FAKE (4.3.0)
    FSharp.Compiler.Service (1.4.0.1)
    FSharp.Formatting (2.10.0)
      FSharp.Compiler.Service (>= 0.0.87)
      FSharpVSPowerTools.Core (1.8.0)
    FSharpVSPowerTools.Core (1.8.0)
      FSharp.Compiler.Service (>= 0.0.87)
    Microsoft.Bcl (1.1.10)
      Microsoft.Bcl.Build (>= 1.0.14)
    Microsoft.Bcl.Build (1.0.21)
    Microsoft.Net.Http (2.2.29)
      Microsoft.Bcl (>= 1.1.10)
      Microsoft.Bcl.Build (>= 1.0.14)
    NUnit (2.6.4)
    NUnit.Runners (2.6.4)
    Octokit (0.14.0)
      Microsoft.Net.Http
    SourceLink.Fake (1.1.0)
GITHUB
  remote: fsharp/FAKE
  specs:
    modules/Octokit/Octokit.fsx (52a1c3f13641a7e34ecffb63c2e6a94d639d3162)
      Octokit